GEM
  remote: http://rubygems.org/
  specs:
    active_support (3.0.0)
      activesupport (= 3.0.0)
    activesupport (3.0.0)
    bson (1.4.0)
    bson_ext (1.4.0)
    i18n (0.6.0)
    json (1.6.1)
    json-schema (0.9.11)
    mongo (1.4.0)
      bson (= 1.4.0)
    rack (1.3.5)
    rack-protection (1.1.4)
      rack
    sinatra (1.3.1)
      rack (~> 1.3, >= 1.3.4)
      rack-protection (~> 1.1, >= 1.1.2)
      tilt (~> 1.3, >= 1.3.3)
    tilt (1.3.3)

PLATFORMS
  ruby

DEPENDENCIES
  active_support
  bson_ext
  i18n
  json
  json-schema
  mongo
  sinatra
